PATH
  remote: .
  specs:
    most_read_books (0.1.0)
      nokogiri
      require_all

GEM
  remote: https://rubygems.org/
  specs:
    coderay (1.1.3)
    method_source (1.0.0)
    mini_portile2 (2.5.1)
    nokogiri (1.11.6)
      mini_portile2 (~> 2.5.0)
      racc (~> 1.4)
    pry (0.14.1)
      coderay (~> 1.1)
      method_source (~> 1.0)
    racc (1.5.2)
    rake (10.5.0)
    require_all (3.0.0)

PLATFORMS
  ruby

DEPENDENCIES
  bundler (~> 2.0)
  most_read_books!
  pry
  rake (~> 10.0)

BUNDLED WITH
   2.0.1
